GEM
  remote: http://rubygems.org/
  specs:
    daemons (1.1.9)
    erubis (2.7.0)
    eventmachine (1.0.0)
    foreman (0.61.0)
      thor (>= 0.13.6)
    httparty (0.10.2)
      multi_json (~> 1.0)
      multi_xml (>= 0.5.2)
    json (1.7.7)
    multi_json (1.6.1)
    multi_xml (0.5.3)
    rack (1.5.2)
    rack-protection (1.3.2)
      rack
    redis (3.0.2)
    sinatra (1.3.4)
      rack (~> 1.4)
      rack-protection (~> 1.3)
      tilt (~> 1.3, >= 1.3.3)
    thin (1.5.0)
      daemons (>= 1.0.9)
      eventmachine (>= 0.12.6)
      rack (>= 1.0.0)
    thor (0.17.0)
    tilt (1.3.3)

PLATFORMS
  ruby

DEPENDENCIES
  erubis
  foreman
  httparty
  json
  redis
  sinatra
  thin
